PATH
  remote: .
  specs:
    overlord_quote (0.1.0)
      methadone (~> 2.0.0)

GEM
  remote: https://rubygems.org/
  specs:
    diff-lcs (1.3)
    methadone (2.0.0)
      bundler
    power_assert (1.1.3)
    rake (10.5.0)
    rdoc (6.0.4)
    rspec (3.8.0)
      rspec-core (~> 3.8.0)
      rspec-expectations (~> 3.8.0)
      rspec-mocks (~> 3.8.0)
    rspec-core (3.8.0)
      rspec-support (~> 3.8.0)
    rspec-expectations (3.8.1)
      diff-lcs (>= 1.2.0, < 2.0)
      rspec-support (~> 3.8.0)
    rspec-mocks (3.8.0)
      diff-lcs (>= 1.2.0, < 2.0)
      rspec-support (~> 3.8.0)
    rspec-support (3.8.0)
    test-unit (3.2.8)
      power_assert

PLATFORMS
  ruby

DEPENDENCIES
  bundler (~> 1.16)
  overlord_quote!
  rake (~> 10.0)
  rdoc
  rspec (~> 3)
  test-unit

BUNDLED WITH
   1.16.1
